GEM
  remote: https://rubygems.org/
  specs:
    addressable (2.4.0)
    ansi (1.5.0)
    builder (3.2.2)
    capybara (2.7.1)
      addressable
      mime-types (>= 1.16)
      nokogiri (>= 1.3.3)
      rack (>= 1.0.0)
      rack-test (>= 0.5.4)
      xpath (~> 2.0)
    erubis (2.7.0)
    mime-types (3.1)
      mime-types-data (~> 3.2015)
    mime-types-data (3.2016.0521)
    mini_portile2 (2.1.0)
    minitest (5.9.0)
    minitest-capybara (0.8.2)
      capybara (~> 2.2)
      minitest (~> 5.0)
      rake
    minitest-hooks (1.4.0)
    minitest-reporters (1.1.11)
      ansi
      builder
      minitest (>= 5.0)
      ruby-progressbar
    nokogiri (1.6.8)
      mini_portile2 (~> 2.1.0)
      pkg-config (~> 1.1.7)
    pg (0.18.4)
    pkg-config (1.1.7)
    rack (2.0.1)
    rack-test (0.6.3)
      rack (>= 1.0)
    rack-unreloader (1.5.0)
    rack_csrf (2.5.0)
      rack (>= 1.1.0)
    rake (11.2.2)
    roda (2.16.0)
      rack
    ruby-progressbar (1.7.5)
    sequel (4.36.0)
    sequel_pg (1.6.17)
      pg (>= 0.8.0)
      sequel (>= 4.0.0)
    tilt (2.0.5)
    xpath (2.0.0)
      nokogiri (~> 1.3)

PLATFORMS
  ruby

DEPENDENCIES
  capybara
  erubis
  minitest
  minitest-capybara
  minitest-hooks (>= 1.1.0)
  minitest-reporters
  rack-test
  rack-unreloader
  rack_csrf
  roda
  sequel
  sequel_pg
  tilt (>= 2)

BUNDLED WITH
   1.10.6
